ObjectType = Image
NDims = 3
BinaryData = True
BinaryDataByteOrderMSB = False
CompressedData = False
TransformMatrix = 1 0 0 0 1 0 0 0 1
Offset = 4.91738e-07 4.91738e-07 0
CenterOfRotation = 0 0 0
AnatomicalOrientation = RAI
ElementSpacing = 0.363281 0.363281 0.4
DimSize = 512 512 272
ElementType = MET_SHORT
ElementDataFile = affine.raw
